PATH
  remote: .
  specs:
    slack_it (0.1.0)

GEM
  remote: https://rubygems.org/
  specs:
    envyable (0.2.0)
    json (1.8.3)
    rake (10.4.2)

PLATFORMS
  ruby

DEPENDENCIES
  bundler (~> 1.8)
  envyable
  json
  rake (~> 10.0)
  slack_it!
